GEM
  remote: https://rubygems.org/
  specs:
    nokogiri (1.5.9)
    sqlite3 (1.3.7)

PLATFORMS
  ruby

DEPENDENCIES
  nokogiri
  sqlite3
