GEM
  remote: https://rubygems.org/
  specs:
    hpricot (0.8.6)
    nokogiri (1.5.9)

PLATFORMS
  ruby

DEPENDENCIES
  hpricot
  nokogiri
